GEM
  remote: https://rubygems.org/
  specs:
    CFPropertyList (2.2.8)
    aws-sdk (2.6.49)
      aws-sdk-resources (= 2.6.49)
    aws-sdk-core (2.6.49)
      aws-sigv4 (~> 1.0)
      jmespath (~> 1.0)
    aws-sdk-resources (2.6.49)
      aws-sdk-core (= 2.6.49)
    aws-sigv4 (1.0.0)
    diff-lcs (1.2.5)
    facter (2.4.6)
      CFPropertyList (~> 2.2.6)
    hiera (1.3.4)
      json_pure
    hiera-eyaml-kms (0.1)
    jmespath (1.3.1)
    json_pure (1.8.1)
    metaclass (0.0.4)
    mocha (1.1.0)
      metaclass (~> 0.0.1)
    puppet (3.7.5)
      facter (> 1.6, < 3)
      hiera (~> 1.0)
      json_pure
    puppet-lint (2.0.0)
    puppet-syntax (2.1.0)
      rake
    puppetlabs_spec_helper (1.1.1)
      mocha
      puppet-lint
      puppet-syntax
      rake
      rspec-puppet
    rake (11.2.2)
    rspec (3.5.0)
      rspec-core (~> 3.5.0)
      rspec-expectations (~> 3.5.0)
      rspec-mocks (~> 3.5.0)
    rspec-core (3.5.2)
      rspec-support (~> 3.5.0)
    rspec-expectations (3.5.0)
      diff-lcs (>= 1.2.0, < 2.0)
      rspec-support (~> 3.5.0)
    rspec-mocks (3.5.0)
      diff-lcs (>= 1.2.0, < 2.0)
      rspec-support (~> 3.5.0)
    rspec-puppet (2.4.0)
      rspec
    rspec-support (3.5.0)

PLATFORMS
  ruby

DEPENDENCIES
  aws-sdk (>= 2.6.49)
  facter (>= 1.7.0)
  hiera-eyaml-kms (>= 0.1)
  puppet (>= 3.3)
  puppet-lint (>= 0.3.2)
  puppetlabs_spec_helper (>= 0.1.0)

BUNDLED WITH
   1.13.2
